GEM
  remote: https://rubygems.org/
  specs:
    curses (1.3.1)

PLATFORMS
  ruby

DEPENDENCIES
  bundler (~> 2.0.1)
  curses

RUBY VERSION
   ruby 2.6.2p47

BUNDLED WITH
   2.0.1
